GIT
  remote: https://github.com/hone/okyakusan.git
  revision: d32fd91e07c71cf54670a2802165de361f7a5d12
  specs:
    okyakusan (0.0.1)
      netrc (~> 0.7.7)

GEM
  remote: https://rubygems.org/
  specs:
    aws-sdk (1.59.1)
      aws-sdk-v1 (= 1.59.1)
    aws-sdk-v1 (1.59.1)
      json (~> 1.4)
      nokogiri (>= 1.4.4)
    json (1.8.6)
    mini_portile2 (2.4.0)
    netrc (0.7.9)
    nokogiri (1.10.10)
      mini_portile2 (~> 2.4.0)
    rake (13.0.1)

PLATFORMS
  ruby

DEPENDENCIES
  aws-sdk (= 1.59.1)
  json (~> 1.8.3)
  nokogiri (~> 1.10.10)
  okyakusan!
  rake

BUNDLED WITH
   2.2.11
